NUGET
  remote: https://nuget.org/api/v2
  specs:
    EntityFramework (6.0.2)
    FAKE (3.18.0)
    Foq (1.7) - content: none
    FSharp.Compiler.Service (0.0.86)
    FSharp.Core (3.1.2.1) - copy_local: false
    FSharp.Formatting (2.6.3)
      FSharp.Compiler.Service (>= 0.0.81)
    FSharpx.Collections (1.10.1)
      FSharp.Core (>= 3.1.2.1)
    FsUnit (1.3.0.1)
      NUnit (>= 2.6.3)
    Microsoft.AspNet.Identity.Core (1.0.0)
    Microsoft.AspNet.Identity.EntityFramework (1.0.0)
      EntityFramework (>= 6.0.0)
      Microsoft.AspNet.Identity.Core (>= 1.0.0)
    MySql.Data (6.8.3)
    MySQL.Data.Entities (6.8.3.0)
      EntityFramework (>= 6.0.0.0)
      MySql.Data (>= 6.8.3.0)
    NUnit (2.6.3)
    NUnit.Runners (2.6.4)
    SimpleInjector (2.7.2)
    Unquote (2.2.2)
    Yaaf.AdvancedBuilding (0.3.4)
      FAKE (3.18.0)
      FSharp.Compiler.Service (0.0.86)
      FSharp.Formatting (2.6.3)
    Yaaf.Database (0.0.1)
      EntityFramework (>= 6.0.2)
      FSharp.Core (>= 3.1.2.1)
      Microsoft.AspNet.Identity.Core (>= 1.0.0)
      Microsoft.AspNet.Identity.EntityFramework (>= 1.0.0)
    Yaaf.DependencyInjection (1.1.0)
      FSharp.Core (>= 3.1.2.1)
    Yaaf.DependencyInjection.SimpleInjector (1.1.3)
      FSharp.Core (>= 3.1.2.1)
      SimpleInjector (>= 2.7.2)
      Yaaf.DependencyInjection (>= 1.1.0)
    Yaaf.FSharp.Helper (0.1.4)
      FSharp.Core (>= 3.1.2.1)
      FSharpx.Collections (>= 1.10.1)
      Yaaf.Logging (>= 1.0.1)
      Yaaf.Portable.Text.Encoding (>= 0.7.0)
    Yaaf.Logging (1.0.1)
    Yaaf.Portable.Text.Encoding (0.7.0.0)
    Yaaf.Sasl (1.0.1)
      FSharp.Core (>= 3.1.2.1)
    Yaaf.Xmpp.IM (0.0.1)
      FSharp.Core (>= 3.1.2.1)
      Yaaf.Xmpp.Runtime (>= 0.0.2)
      Yaaf.Xmpp.ServiceDiscovery (>= 0.0.1)
    Yaaf.Xmpp.Runtime (0.0.2)
      FSharp.Core (>= 3.1.2.1)
      Yaaf.DependencyInjection (>= 1.1.0)
      Yaaf.DependencyInjection.SimpleInjector (>= 1.1.3)
      Yaaf.FSharp.Helper (>= 0.1.3)
      Yaaf.Sasl (>= 1.0.0)
    Yaaf.Xmpp.ServiceDiscovery (0.0.1)
      FSharp.Core (>= 3.1.2.1)
      Yaaf.DependencyInjection (>= 1.1.0)
      Yaaf.FSharp.Helper (>= 0.1.3)
      Yaaf.Xmpp.Runtime (>= 0.0.2)
GITHUB
  remote: matthid/Yaaf.FSharp.Helper
  specs:
    src/test/Test.Yaaf.FSharp.Helper/MyTestClass.fs (33f05117f5c6ff037e83cdd05204007ec427014f)
  remote: matthid/Yaaf.Xmpp.IM
  specs:
    src/test/Test.Yaaf.Xmpp.IM/RosterStoreTests.fs (94c3dc49a6e72a239ff9a48ea098a4d79d11d22c)